PATH
  remote: .
  specs:
    firebot (0.0.1.pre2)
      daemons (~> 1.1.0)
      faraday (~> 0.5.7)
      thor (~> 0.14.6)
      twitter-stream (~> 0.1.10)
      yajl-ruby (~> 0.8.1)

GEM
  remote: http://rubygems.org/
  specs:
    addressable (2.2.6)
    daemons (1.1.4)
    diff-lcs (1.1.2)
    eventmachine (0.12.10)
    fakeweb (1.3.0)
    faraday (0.5.7)
      addressable (~> 2.2.4)
      multipart-post (~> 1.1.0)
      rack (>= 1.1.0, < 2)
    multipart-post (1.1.2)
    rack (1.3.0)
    rake (0.9.2)
    rspec (2.5.0)
      rspec-core (~> 2.5.0)
      rspec-expectations (~> 2.5.0)
      rspec-mocks (~> 2.5.0)
    rspec-core (2.5.1)
    rspec-expectations (2.5.0)
      diff-lcs (~> 1.1.2)
    rspec-mocks (2.5.0)
    simple_oauth (0.1.5)
    thor (0.14.6)
    twitter-stream (0.1.13)
      eventmachine (~> 0.12.8)
      simple_oauth (~> 0.1.4)
    yajl-ruby (0.8.2)

PLATFORMS
  ruby

DEPENDENCIES
  fakeweb (~> 1.3.0)
  firebot!
  rake
  rspec (~> 2.5.0)
